GEM
  remote: http://rubygems.org/
  specs:
    aws-s3 (0.6.2)
      builder
      mime-types
      xml-simple
    builder (3.0.0)
    chunky_png (1.2.5)
    compass (0.11.5)
      chunky_png (~> 1.2)
      fssm (>= 0.2.7)
      sass (~> 3.1)
    fssm (0.2.7)
    haml (3.1.3)
    maruku (0.6.0)
      syntax (>= 1.0.0)
    mime-types (1.16)
    rack (1.3.4)
    sass (3.1.10)
    staticmatic2 (2.1.1)
      aws-s3
      compass
      haml (~> 3)
      rack (>= 1.0)
      sass (~> 3)
      thor (>= 0.14.6)
      tilt (>= 1.3)
    syntax (1.0.0)
    thor (0.14.6)
    tilt (1.3.3)
    xml-simple (1.1.0)

PLATFORMS
  ruby

DEPENDENCIES
  maruku
  staticmatic2
